GEM
  remote: https://rubygems.org/
  specs:
    rouge (2.0.7)
    xcpretty (0.3.0)
      rouge (~> 2.0.7)

PLATFORMS
  x86_64-darwin-20

DEPENDENCIES
  xcpretty (~> 0.3.0)

BUNDLED WITH
   2.2.15
